PATH
  remote: .
  specs:
    leagues (1)
      activerecord (= 2.3.11)
      activesupport (= 2.3.11)
      rspec-rails (= 1.3.3)
      sqlite3-ruby (= 1.3.2)
      timecop (= 0.3.4)

GEM
  remote: http://rubygems.org/
  specs:
    activerecord (2.3.11)
      activesupport (= 2.3.11)
    activesupport (2.3.11)
    rack (1.2.2)
    rspec (1.3.1)
    rspec-rails (1.3.3)
      rack (>= 1.0.0)
      rspec (= 1.3.1)
    sqlite3-ruby (1.3.2)
    timecop (0.3.4)

PLATFORMS
  ruby

DEPENDENCIES
  leagues!
